GEM
  remote: https://rubygems.org/
  specs:
    backports (3.3.3)
    bson (1.9.2)
    bson_ext (1.9.2)
      bson (~> 1.9.2)
    daemons (1.1.9)
    eventmachine (1.0.0)
    eventmachine (1.0.0-x86-mingw32)
    json (1.7.5)
    mongo (1.9.2)
      bson (~> 1.9.2)
    multi_json (1.8.0)
    rack (1.5.2)
    rack-protection (1.5.0)
      rack
    rack-test (0.6.2)
      rack (>= 1.0)
    sinatra (1.4.3)
      rack (~> 1.4)
      rack-protection (~> 1.4)
      tilt (~> 1.3, >= 1.3.4)
    sinatra-contrib (1.4.1)
      backports (>= 2.0)
      multi_json
      rack-protection
      rack-test
      sinatra (~> 1.4.0)
      tilt (~> 1.3)
    thin (1.5.0)
      daemons (>= 1.0.9)
      eventmachine (>= 0.12.6)
      rack (>= 1.0.0)
    tilt (1.4.1)

PLATFORMS
  ruby
  x86-mingw32

DEPENDENCIES
  bson_ext (= 1.9.2)
  json
  mongo (= 1.9.2)
  sinatra (= 1.4.3)
  sinatra-contrib (= 1.4.1)
  thin
